GEM
  remote: https://rubygems.org/
  specs:
    coderay (1.1.0)
    mail (2.6.3)
      mime-types (>= 1.16, < 3)
    method_source (0.8.2)
    mime-types (2.4.3)
    pry (0.10.1)
      coderay (~> 1.1.0)
      method_source (~> 0.8.1)
      slop (~> 3.4)
    rack (1.6.0)
    slop (3.6.0)

PLATFORMS
  ruby

DEPENDENCIES
  mail
  pry
  rack

RUBY VERSION
   ruby 2.4.0p0

BUNDLED WITH
   1.14.6
